GEM
  remote: http://rubygems.org/
  specs:
    PageRankr (3.0.0)
      json (>= 1.4.6)
      jsonpath (~> 0.4.2)
      nokogiri (>= 1.4.1)
      public_suffix_service (~> 0.9.0)
      typhoeus (~> 0.2.1)
    abstract (1.0.0)
    actionmailer (3.0.0.beta4)
      actionpack (= 3.0.0.beta4)
      mail (~> 2.2.3)
    actionpack (3.0.0.beta4)
      activemodel (= 3.0.0.beta4)
      activesupport (= 3.0.0.beta4)
      builder (~> 2.1.2)
      erubis (~> 2.6.5)
      i18n (~> 0.4.1)
      rack (~> 1.1.0)
      rack-mount (~> 0.6.3)
      rack-test (~> 0.5.4)
      tzinfo (~> 0.3.16)
    activemodel (3.0.0.beta4)
      activesupport (= 3.0.0.beta4)
      builder (~> 2.1.2)
      i18n (~> 0.4.1)
    activerecord (3.0.0.beta4)
      activemodel (= 3.0.0.beta4)
      activesupport (= 3.0.0.beta4)
      arel (~> 0.4.0)
      tzinfo (~> 0.3.16)
    activeresource (3.0.0.beta4)
      activemodel (= 3.0.0.beta4)
      activesupport (= 3.0.0.beta4)
    activesupport (3.0.0.beta4)
    arel (0.4.0)
      activesupport (>= 3.0.0.beta)
    builder (2.1.2)
    erubis (2.6.6)
      abstract (>= 1.0.0)
    i18n (0.4.2)
    json (1.6.1)
    jsonpath (0.4.2)
      multi_json
    mail (2.2.19)
      activesupport (>= 2.3.6)
      i18n (>= 0.4.0)
      mime-types (~> 1.16)
      treetop (~> 1.4.8)
    mime-types (1.16)
    multi_json (1.0.3)
    mysql (2.8.1)
    nokogiri (1.5.0)
    polyglot (0.3.2)
    public_suffix_service (0.9.0)
    rack (1.1.2)
    rack-mount (0.6.14)
      rack (>= 1.0.0)
    rack-test (0.5.7)
      rack (>= 1.0)
    rails (3.0.0.beta4)
      actionmailer (= 3.0.0.beta4)
      actionpack (= 3.0.0.beta4)
      activerecord (= 3.0.0.beta4)
      activeresource (= 3.0.0.beta4)
      activesupport (= 3.0.0.beta4)
      bundler (>= 0.9.26)
      railties (= 3.0.0.beta4)
    railties (3.0.0.beta4)
      actionpack (= 3.0.0.beta4)
      activesupport (= 3.0.0.beta4)
      rake (>= 0.8.3)
      thor (~> 0.13.6)
    rake (0.9.2)
    thor (0.13.8)
    treetop (1.4.10)
      polyglot
      polyglot (>= 0.3.1)
    typhoeus (0.2.4)
      mime-types
      mime-types
    tzinfo (0.3.30)

PLATFORMS
  ruby

DEPENDENCIES
  PageRankr (>= 1.4.3)
  mysql
  rails (= 3.0.0.beta4)
